GEM
  remote: https://rubygems.org/
  specs:
    diff-lcs (1.2.5)
    flowdock (0.7.0)
      httparty (~> 0.7)
      multi_json
    flowdock-git-hook (1.0.1)
      flowdock (~> 0.7)
      grit (>= 2.4.1)
      multi_json
    grit (2.5.0)
      diff-lcs (~> 1.1)
      mime-types (~> 1.15)
      posix-spawn (~> 0.3.6)
    httparty (0.13.7)
      json (~> 1.8)
      multi_xml (>= 0.5.2)
    json (1.8.3)
    mime-types (1.25.1)
    multi_json (1.11.2)
    multi_xml (0.5.5)
    posix-spawn (0.3.11)

PLATFORMS
  ruby

DEPENDENCIES
  flowdock-git-hook

BUNDLED WITH
   1.10.6
